GEM
  remote: https://rubygems.org/
  specs:
    aws-sdk (1.6.9)
      httparty (~> 0.7)
      json (~> 1.4)
      nokogiri (>= 1.4.4)
      uuidtools (~> 2.1)
    diff-lcs (1.2.4)
    httparty (0.11.0)
      multi_json (~> 1.0)
      multi_xml (>= 0.5.2)
    json (1.7.7)
    mime-types (1.23)
    multi_json (1.7.3)
    multi_xml (0.5.3)
    net-scp (1.0.4)
      net-ssh (>= 1.99.1)
    net-ssh (2.0.24)
    nokogiri (1.4.7)
    rake (10.0.4)
    rspec (2.0.1)
      rspec-core (~> 2.0.1)
      rspec-expectations (~> 2.0.1)
      rspec-mocks (~> 2.0.1)
    rspec-core (2.0.1)
    rspec-expectations (2.0.1)
      diff-lcs (>= 1.1.2)
    rspec-mocks (2.0.1)
      rspec-core (~> 2.0.1)
      rspec-expectations (~> 2.0.1)
    rufus-scheduler (2.0.18)
      tzinfo (>= 0.3.23)
    thor (0.14.6)
    typhoeus (0.2.4)
      mime-types
    tzinfo (0.3.37)
    uuidtools (2.1.4)

PLATFORMS
  ruby

DEPENDENCIES
  aws-sdk (~> 1.6.9)
  net-scp (~> 1.0.4)
  net-ssh (~> 2.0.23)
  nokogiri (~> 1.4.4)
  rake (~> 10.0.4)
  rspec (~> 2.0.0.beta.22)
  rufus-scheduler
  thor (~> 0.14.2)
  typhoeus (~> 0.2.4)
