GIT
  remote: git@github.com:bring/deploy-scripts.git
  revision: e26d5de8c14d8d4e8f0df9e8f2ddfed8e2ac6149
  specs:
    deploy-scripts (0.1.0)
      aws-sdk (~> 1.6)
      json (~> 1.8)
      net-scp (~> 1.0)
      net-ssh (~> 2.0)
      nokogiri (~> 1.6)
      rake (~> 10.0)
      rufus-scheduler
      thor (~> 0.18)
      typhoeus (~> 0.6)

GEM
  remote: https://rubygems.org/
  specs:
    aws-sdk (1.6.9)
      httparty (~> 0.7)
      json (~> 1.4)
      nokogiri (>= 1.4.4)
      uuidtools (~> 2.1)
    diff-lcs (1.2.5)
    ethon (0.8.0)
      ffi (>= 1.3.0)
    ffi (1.9.10)
    httparty (0.13.7)
      json (~> 1.8)
      multi_xml (>= 0.5.2)
    json (1.8.3)
    mini_portile (0.6.2)
    multi_xml (0.5.5)
    net-scp (1.0.4)
      net-ssh (>= 1.99.1)
    net-ssh (2.0.24)
    nokogiri (1.6.6.2)
      mini_portile (~> 0.6.0)
    rake (10.0.4)
    rspec (2.0.1)
      rspec-core (~> 2.0.1)
      rspec-expectations (~> 2.0.1)
      rspec-mocks (~> 2.0.1)
    rspec-core (2.0.1)
    rspec-expectations (2.0.1)
      diff-lcs (>= 1.1.2)
    rspec-mocks (2.0.1)
      rspec-core (~> 2.0.1)
      rspec-expectations (~> 2.0.1)
    rufus-scheduler (3.1.5)
    thor (0.19.1)
    typhoeus (0.6.9)
      ethon (>= 0.7.1)
    uuidtools (2.1.5)

PLATFORMS
  ruby

DEPENDENCIES
  aws-sdk (~> 1.6.9)
  deploy-scripts!
  net-scp (~> 1.0.4)
  net-ssh (~> 2.0.23)
  nokogiri (~> 1.6.5)
  rake (~> 10.0.4)
  rspec (~> 2.0.0.beta.22)
  rufus-scheduler
  thor (~> 0.18)
  typhoeus (~> 0.6.9)
