GIT
  remote: git@github.com:bring/deploy-scripts.git
  revision: 9cd9ad13048f4e8a91c4b90e9c334acdb0c8d7f1
  specs:
    deploy-scripts (0.1.0)
      json (~> 1.8)
      net-scp (~> 1.0)
      net-ssh (~> 2.0)
      nokogiri (~> 1.6)
      rake (~> 10.0)
      rufus-scheduler
      thor (~> 0.18)
      typhoeus (~> 0.6)

GEM
  specs:
    ethon (0.8.0)
      ffi (>= 1.3.0)
    ffi (1.9.10)
    json (1.8.3)
    mini_portile (0.6.2)
    net-scp (1.2.1)
      net-ssh (>= 2.6.5)
    net-ssh (2.9.2)
    nokogiri (1.6.6.2)
      mini_portile (~> 0.6.0)
    rake (10.4.2)
    rufus-scheduler (3.1.7)
    thor (0.19.1)
    typhoeus (0.8.0)
      ethon (>= 0.8.0)

PLATFORMS
  ruby

DEPENDENCIES
  deploy-scripts!

BUNDLED WITH
   1.10.6
